REDIRECTS: ON
COPY-LOCAL: TRUE
FRAMEWORK: >= NET461
NUGET
  remote: http://api.nuget.org/v3/index.json
    AutoMapper (5.2)
